GIT
  remote: git://github.com/spree-contrib/spree_mail_settings.git
  revision: 35af3a561e7067a63289825bebe147bcd3aa8d78
  branch: master
  specs:
    spree_mail_settings (3.2.0.alpha)
      spree_auth_devise (>= 3.1.0, < 4.0)
      spree_backend (>= 3.1.0, < 4.0)

GEM
  remote: https://rubygems.org/
  specs:
    actionmailer (4.2.7)
      actionpack (= 4.2.7)
      actionview (= 4.2.7)
      activejob (= 4.2.7)
      mail (~> 2.5, >= 2.5.4)
      rails-dom-testing (~> 1.0, >= 1.0.5)
    actionpack (4.2.7)
      actionview (= 4.2.7)
      activesupport (= 4.2.7)
      rack (~> 1.6)
      rack-test (~> 0.6.2)
      rails-dom-testing (~> 1.0, >= 1.0.5)
      rails-html-sanitizer (~> 1.0, >= 1.0.2)
    actionview (4.2.7)
      activesupport (= 4.2.7)
      builder (~> 3.1)
      erubis (~> 2.7.0)
      rails-dom-testing (~> 1.0, >= 1.0.5)
      rails-html-sanitizer (~> 1.0, >= 1.0.2)
    activejob (4.2.7)
      activesupport (= 4.2.7)
      globalid (>= 0.3.0)
    activemerchant (1.67.0)
      activesupport (>= 3.2.14, < 6.x)
      builder (>= 2.1.2, < 4.0.0)
      i18n (>= 0.6.9)
      nokogiri (~> 1.4)
    activemodel (4.2.7)
      activesupport (= 4.2.7)
      builder (~> 3.1)
    activerecord (4.2.7)
      activemodel (= 4.2.7)
      activesupport (= 4.2.7)
      arel (~> 6.0)
    activesupport (4.2.7)
      i18n (~> 0.7)
      json (~> 1.7, >= 1.7.7)
      minitest (~> 5.1)
      thread_safe (~> 0.3, >= 0.3.4)
      tzinfo (~> 1.1)
    acts_as_list (0.7.2)
      activerecord (>= 3.0)
    addressable (2.5.1)
      public_suffix (~> 2.0, >= 2.0.2)
    arel (6.0.4)
    autoprefixer-rails (7.1.1.2)
      execjs
    awesome_nested_set (3.0.3)
      activerecord (>= 4.0.0, < 5)
    babel-source (5.8.35)
    babel-transpiler (0.7.0)
      babel-source (>= 4.0, < 6)
      execjs (~> 2.0)
    bcrypt (3.1.11)
    binding_of_caller (0.7.2)
      debug_inspector (>= 0.0.1)
    bootstrap-sass (3.3.7)
      autoprefixer-rails (>= 5.2.1)
      sass (>= 3.3.4)
    builder (3.2.3)
    byebug (9.0.6)
    camertron-eprun (1.1.1)
    cancancan (1.10.1)
    canonical-rails (0.0.11)
      rails (>= 3.1, < 5.0)
    carmen (1.0.2)
      activesupport (>= 3.0.0)
    cldr-plurals-runtime-rb (1.0.1)
    climate_control (0.2.0)
    cocaine (0.5.8)
      climate_control (>= 0.0.3, < 1.0)
    coffee-rails (4.1.1)
      coffee-script (>= 2.2.0)
      railties (>= 4.0.0, < 5.1.x)
    coffee-script (2.4.1)
      coffee-script-source
      execjs
    coffee-script-source (1.12.2)
    colorize (0.8.1)
    concurrent-ruby (1.0.5)
    connection_pool (2.2.1)
    css_parser (1.5.0)
      addressable
    daemons (1.2.4)
    debug_inspector (0.0.3)
    deface (1.0.2)
      colorize (>= 0.5.8)
      nokogiri (~> 1.6.0)
      polyglot
      rails (>= 3.1)
    devise (3.5.10)
      bcrypt (~> 3.0)
      orm_adapter (~> 0.1)
      railties (>= 3.2.6, < 5)
      responders
      thread_safe (~> 0.1)
      warden (~> 1.2.3)
    devise-encryptable (0.1.2)
      devise (>= 2.1.0)
    dotenv (2.2.1)
    dotenv-rails (2.2.1)
      dotenv (= 2.2.1)
      railties (>= 3.2, < 5.2)
    erubis (2.7.0)
    eventmachine (1.0.9.1)
    execjs (2.7.0)
    faraday (0.12.1)
      multipart-post (>= 1.2, < 3)
    ffaker (2.2.0)
    font-awesome-rails (4.7.0.2)
      railties (>= 3.2, < 5.2)
    friendly_id (5.1.0)
      activerecord (>= 4.0.0)
    gibbon (3.0.2)
      faraday (>= 0.9.1)
      multi_json (>= 1.11.0)
    globalid (0.4.0)
      activesupport (>= 4.2.0)
    highline (1.6.21)
    htmlentities (4.3.4)
    i18n (0.8.4)
    jbuilder (2.7.0)
      activesupport (>= 4.2.0)
      multi_json (>= 1.2)
    jquery-rails (4.3.1)
      rails-dom-testing (>= 1, < 3)
      railties (>= 4.2.0)
      thor (>= 0.14, < 2.0)
    jquery-ui-rails (5.0.5)
      railties (>= 3.2.16)
    json (1.8.6)
    kaminari (0.17.0)
      actionpack (>= 3.0.0)
      activesupport (>= 3.0.0)
    loofah (2.0.3)
      nokogiri (>= 1.5.9)
    mail (2.6.6)
      mime-types (>= 1.16, < 4)
    mailcatcher (0.6.5)
      eventmachine (= 1.0.9.1)
      mail (~> 2.3)
      rack (~> 1.5)
      sinatra (~> 1.2)
      skinny (~> 0.2.3)
      sqlite3 (~> 1.3)
      thin (~> 1.5.0)
    mime-types (3.1)
      mime-types-data (~> 3.2015)
    mime-types-data (3.2016.0521)
    mimemagic (0.3.0)
    mini_portile2 (2.1.0)
    minitest (5.10.2)
    monetize (1.7.0)
      money (~> 6.9)
    money (6.9.0)
      i18n (>= 0.6.4, < 0.9)
    multi_json (1.12.1)
    multipart-post (2.0.0)
    nodejs-rails (0.0.1)
    nokogiri (1.6.8.1)
      mini_portile2 (~> 2.1.0)
    orm_adapter (0.5.0)
    paperclip (4.3.7)
      activemodel (>= 3.2.0)
      activesupport (>= 3.2.0)
      cocaine (~> 0.5.5)
      mime-types
      mimemagic (= 0.3.0)
    paranoia (2.1.5)
      activerecord (~> 4.0)
    parslet (1.8.0)
    pg (0.21.0)
    polyamorous (1.3.1)
      activerecord (>= 3.0)
    polyglot (0.3.5)
    premailer (1.10.4)
      addressable
      css_parser (>= 1.4.10)
      htmlentities (>= 4.0.0)
    premailer-rails (1.9.6)
      actionmailer (>= 3, < 6)
      premailer (~> 1.7, >= 1.7.9)
    public_suffix (2.0.5)
    rabl (0.12.0)
      activesupport (>= 2.3.14)
    rack (1.6.8)
    rack-protection (1.5.3)
      rack
    rack-test (0.6.3)
      rack (>= 1.0)
    rails (4.2.7)
      actionmailer (= 4.2.7)
      actionpack (= 4.2.7)
      actionview (= 4.2.7)
      activejob (= 4.2.7)
      activemodel (= 4.2.7)
      activerecord (= 4.2.7)
      activesupport (= 4.2.7)
      bundler (>= 1.3.0, < 2.0)
      railties (= 4.2.7)
      sprockets-rails
    rails-deprecated_sanitizer (1.0.3)
      activesupport (>= 4.2.0.alpha)
    rails-dom-testing (1.0.8)
      activesupport (>= 4.2.0.beta, < 5.0)
      nokogiri (~> 1.6)
      rails-deprecated_sanitizer (>= 1.0.1)
    rails-html-sanitizer (1.0.3)
      loofah (~> 2.0)
    railties (4.2.7)
      actionpack (= 4.2.7)
      activesupport (= 4.2.7)
      rake (>= 0.8.7)
      thor (>= 0.18.1, < 2.0)
    rake (12.0.0)
    ransack (1.4.1)
      actionpack (>= 3.0)
      activerecord (>= 3.0)
      activesupport (>= 3.0)
      i18n
      polyamorous (~> 1.1)
    rdoc (4.3.0)
    react-bootstrap-rails (0.13.0)
      rails (>= 3.1)
    react-rails (2.2.0)
      babel-transpiler (>= 0.7.0)
      connection_pool
      execjs
      railties (>= 3.2)
      tilt
    react-rails-img (0.1.6)
      react-rails
    responders (2.4.0)
      actionpack (>= 4.2.0, < 5.3)
      railties (>= 4.2.0, < 5.3)
    sass (3.4.24)
    sass-rails (5.0.6)
      railties (>= 4.0.0, < 6)
      sass (~> 3.1)
      sprockets (>= 2.8, < 4.0)
      sprockets-rails (>= 2.0, < 4.0)
      tilt (>= 1.1, < 3)
    sdoc (0.4.2)
      json (~> 1.7, >= 1.7.7)
      rdoc (~> 4.0)
    select2-rails (3.5.9.1)
      thor (~> 0.14)
    sinatra (1.4.8)
      rack (~> 1.5)
      rack-protection (~> 1.4)
      tilt (>= 1.3, < 3)
    skinny (0.2.4)
      eventmachine (~> 1.0.0)
      thin (>= 1.5, < 1.7)
    spree (3.1.5)
      spree_api (= 3.1.5)
      spree_backend (= 3.1.5)
      spree_cmd (= 3.1.5)
      spree_core (= 3.1.5)
      spree_frontend (= 3.1.5)
      spree_sample (= 3.1.5)
    spree_api (3.1.5)
      rabl (~> 0.12.0)
      spree_core (= 3.1.5)
      versioncake (~> 2.3.1)
    spree_auth_devise (3.1.0)
      devise (~> 3.5.4)
      devise-encryptable (= 0.1.2)
      spree_core (~> 3.1.0.beta)
    spree_backend (3.1.5)
      bootstrap-sass (~> 3.3)
      jquery-rails (~> 4.1)
      jquery-ui-rails (~> 5.0)
      select2-rails (= 3.5.9.1)
      spree_api (= 3.1.5)
      spree_core (= 3.1.5)
    spree_cmd (3.1.5)
      thor (~> 0.14)
    spree_core (3.1.5)
      activemerchant (~> 1.59)
      acts_as_list (= 0.7.2)
      awesome_nested_set (~> 3.0.1)
      cancancan (~> 1.10.1)
      carmen (~> 1.0.0)
      deface (~> 1.0.0)
      ffaker (~> 2.2.0)
      font-awesome-rails (~> 4.0)
      friendly_id (~> 5.1.0)
      highline (~> 1.6.18)
      kaminari (~> 0.17)
      monetize (~> 1.1)
      paperclip (~> 4.3.0)
      paranoia (~> 2.1.0)
      premailer-rails
      rails (~> 4.2.5)
      ransack (~> 1.4.1)
      responders
      sprockets-rails
      state_machines-activerecord (~> 0.2)
      stringex
      truncate_html (~> 0.9.3)
      twitter_cldr (~> 3.0)
    spree_frontend (3.1.5)
      bootstrap-sass (>= 3.3.5.1, < 3.4)
      canonical-rails (~> 0.0.4)
      jquery-rails (~> 4.1)
      spree_api (= 3.1.5)
      spree_core (= 3.1.5)
    spree_gateway (3.1.0)
      spree_core (~> 3.1.0.beta)
    spree_sample (3.1.5)
      spree_core (= 3.1.5)
    spring (2.0.2)
      activesupport (>= 4.2)
    sprockets (3.7.1)
      concurrent-ruby (~> 1.0)
      rack (> 1, < 3)
    sprockets-rails (3.2.0)
      actionpack (>= 4.0)
      activesupport (>= 4.0)
      sprockets (>= 3.0.0)
    sqlite3 (1.3.13)
    state_machines (0.4.0)
    state_machines-activemodel (0.4.1)
      activemodel (>= 4.1, < 5.2)
      state_machines (>= 0.4.0)
    state_machines-activerecord (0.4.1)
      activerecord (>= 4.1, < 5.2)
      state_machines-activemodel (>= 0.3.0)
    stringex (2.7.1)
    thin (1.5.1)
      daemons (>= 1.0.9)
      eventmachine (>= 0.12.6)
      rack (>= 1.0.0)
    thor (0.19.4)
    thread_safe (0.3.6)
    tilt (2.0.7)
    trollop (2.1.2)
    truncate_html (0.9.3)
    turbolinks (5.0.1)
      turbolinks-source (~> 5)
    turbolinks-source (5.0.3)
    twitter_cldr (3.6.0)
      camertron-eprun
      cldr-plurals-runtime-rb (~> 1.0)
      tzinfo
    tzinfo (1.2.3)
      thread_safe (~> 0.1)
    uglifier (3.2.0)
      execjs (>= 0.3.0, < 3)
    versioncake (2.3.1)
      actionpack (>= 3.2)
      activesupport (>= 3.2)
      railties (>= 3.2)
      tzinfo
    warden (1.2.7)
      rack (>= 1.0)
    web-console (2.3.0)
      activemodel (>= 4.0)
      binding_of_caller (>= 0.7.2)
      railties (>= 4.0)
      sprockets-rails (>= 2.0, < 4.0)
    webpacker (2.0)
      activesupport (>= 4.2)
      multi_json (~> 1.2)
      railties (>= 4.2)
    yarn (0.1.1)
      parslet (>= 1.2)
      rack (>= 1.3)
      trollop (>= 1.16)

PLATFORMS
  ruby

DEPENDENCIES
  bcrypt (~> 3.1.7)
  byebug
  coffee-rails (~> 4.1.0)
  dotenv-rails
  gibbon (~> 3.0.2)
  jbuilder (~> 2.0)
  jquery-rails
  mailcatcher (~> 0.6.1)
  nodejs-rails (~> 0.0.1)
  pg (~> 0.15)
  rails (= 4.2.7)
  react-bootstrap-rails (~> 0.13.0)
  react-rails (~> 2.2)
  react-rails-img
  sass-rails (~> 5.0)
  sdoc (~> 0.4.0)
  spree (~> 3.1.0.rc1)
  spree_auth_devise (~> 3.1.0.rc1)
  spree_gateway (~> 3.1.0.rc1)
  spree_mail_settings!
  spring
  turbolinks
  uglifier (>= 1.3.0)
  web-console (~> 2.0)
  webpacker
  yarn (~> 0.1.1)

BUNDLED WITH
   1.14.6
